PATH
  remote: .
  specs:
    trac-wiki (0.2.24)

GEM
  remote: https://rubygems.org/
  specs:
    bacon (1.2.0)
    rake (10.0.4)

PLATFORMS
  ruby

DEPENDENCIES
  bacon
  rake
  trac-wiki!
