PATH
  remote: .
  specs:
    trac-wiki (0.3.23)

GEM
  remote: https://rubygems.org/
  specs:
    bacon (1.2.0)
    rake (10.3.2)
    unicode_utils (1.4.0)

PLATFORMS
  ruby

DEPENDENCIES
  bacon
  rake
  trac-wiki!
  unicode_utils
