PATH
  remote: .
  specs:
    trac-wiki (0.3.35)

GEM
  remote: https://rubygems.org/
  specs:
    bacon (0.9.0)
    rake (0.9.6)
    unicode_utils (1.4.0)

PLATFORMS
  ruby

DEPENDENCIES
  bacon (~> 0)
  rake (>= 12.3.3)
  trac-wiki!
  unicode_utils

BUNDLED WITH
   1.16.1
