PATH
  remote: .
  specs:
    trac-wiki (0.3.10)

GEM
  remote: https://rubygems.org/
  specs:
    bacon (1.2.0)
    rake (10.0.4)
    unicode_utils (1.4.0)

PLATFORMS
  ruby

DEPENDENCIES
  bacon
  rake
  trac-wiki!
  unicode_utils
