PATH
  remote: .
  specs:
    trac-wiki (0.2.12)

GEM
  remote: https://rubygems.org/
  specs:
    bacon (1.2.0)
    iconv (1.0.3)
    mini_portile (0.5.2)
    nokogiri (1.6.1)
      mini_portile (~> 0.5.0)
    rake (10.0.4)
    sanitize (2.0.6)
      nokogiri (>= 1.4.4)

PLATFORMS
  ruby

DEPENDENCIES
  bacon
  iconv
  rake
  sanitize
  trac-wiki!
